GIT
  remote: https://github.com/DrTom/textacular.git
  revision: ab1f5677539b1014f238dc2c644c2e4ef9c56c12
  ref: ab1f5677539b1014f238dc2c644c2e4ef9c56c12
  specs:
    textacular (3.2.0)
      activerecord (>= 3.0, < 4.2)

GEM
  remote: https://rubygems.org/
  specs:
    actionmailer (4.1.4)
      actionpack (= 4.1.4)
      actionview (= 4.1.4)
      mail (~> 2.5.4)
    actionpack (4.1.4)
      actionview (= 4.1.4)
      activesupport (= 4.1.4)
      rack (~> 1.5.2)
      rack-test (~> 0.6.2)
    actionview (4.1.4)
      activesupport (= 4.1.4)
      builder (~> 3.1)
      erubis (~> 2.7.0)
    activemodel (4.1.4)
      activesupport (= 4.1.4)
      builder (~> 3.1)
    activerecord (4.1.4)
      activemodel (= 4.1.4)
      activesupport (= 4.1.4)
      arel (~> 5.0.0)
    activerecord-jdbc-adapter (1.3.9)
      activerecord (>= 2.2)
    activerecord-jdbcpostgresql-adapter (1.3.9)
      activerecord-jdbc-adapter (~> 1.3.9)
      jdbc-postgres (>= 9.1)
    activesupport (4.1.4)
      i18n (~> 0.6, >= 0.6.9)
      json (~> 1.7, >= 1.7.7)
      minitest (~> 5.1)
      thread_safe (~> 0.1)
      tzinfo (~> 1.1)
    amq-protocol (1.9.2)
    arel (5.0.1.20140414130214)
    bcrypt (3.1.7)
    bcrypt (3.1.7-java)
    bcrypt-ruby (3.1.5)
      bcrypt (>= 3.1.3)
    bcrypt-ruby (3.1.5-java)
      bcrypt (>= 3.1.3)
    bootstrap-sass (3.2.0.1)
      sass (~> 3.2)
    builder (3.2.2)
    bunny (1.4.0)
      amq-protocol (>= 1.9.2)
    capybara (2.4.1)
      mime-types (>= 1.16)
      nokogiri (>= 1.3.3)
      rack (>= 1.0.0)
      rack-test (>= 0.5.4)
      xpath (~> 2.0)
    childprocess (0.5.3)
      ffi (~> 1.0, >= 1.0.11)
    coderay (1.1.0)
    coffee-rails (4.0.1)
      coffee-script (>= 2.2.0)
      railties (>= 4.0.0, < 5.0)
    coffee-script (2.3.0)
      coffee-script-source
      execjs
    coffee-script-source (1.7.1)
    diff-lcs (1.2.5)
    erubis (2.7.0)
    execjs (2.2.1)
    factory_girl (4.4.0)
      activesupport (>= 3.0.0)
    factory_girl_rails (4.4.1)
      factory_girl (~> 4.4.0)
      railties (>= 3.0.0)
    faker (1.4.3)
      i18n (~> 0.5)
    ffi (1.9.3)
    ffi (1.9.3-java)
    font-awesome-sass (4.1.0)
      sass (~> 3.2)
    foreigner (1.6.1)
      activerecord (>= 3.0.0)
    haml (4.1.0.beta.1)
      tilt
    haml-contrib (1.0.0.1)
      haml (>= 3.2.0.alpha.13)
    haml-rails (0.5.3)
      actionpack (>= 4.0.1)
      activesupport (>= 4.0.1)
      haml (>= 3.1, < 5.0)
      railties (>= 4.0.1)
    hike (1.2.3)
    i18n (0.6.11)
    jdbc-postgres (9.3.1102)
    jquery-rails (3.1.1)
      railties (>= 3.0, < 5.0)
      thor (>= 0.14, < 2.0)
    jquery-ui-rails (4.0.3)
      jquery-rails
      railties (>= 3.1.0)
    jquery-ui-sass-rails (4.0.3.0)
      jquery-rails
      jquery-ui-rails (= 4.0.3)
      railties (>= 3.1.0)
    json (1.8.1)
    json (1.8.1-java)
    kaminari (0.16.1)
      actionpack (>= 3.0.0)
      activesupport (>= 3.0.0)
    kramdown (1.4.1)
    mail (2.5.4)
      mime-types (~> 1.16)
      treetop (~> 1.4.8)
    method_source (0.8.2)
    mime-types (1.25.1)
    mini_portile (0.6.0)
    minitest (5.4.0)
    multi_json (1.10.1)
    netrc (0.7.7)
    newrelic_rpm (3.9.1.236)
    nokogiri (1.6.3.1)
      mini_portile (= 0.6.0)
    nokogiri (1.6.3.1-java)
    pg (0.17.1)
    polyglot (0.3.5)
    pry (0.10.1)
      coderay (~> 1.1.0)
      method_source (~> 0.8.1)
      slop (~> 3.4)
    pry (0.10.1-java)
      coderay (~> 1.1.0)
      method_source (~> 0.8.1)
      slop (~> 3.4)
      spoon (~> 0.0)
    psych (2.0.5)
    puma (2.9.0)
      rack (>= 1.1, < 2.0)
    puma (2.9.0-java)
      rack (>= 1.1, < 2.0)
    rack (1.5.2)
    rack-mini-profiler (0.9.2)
      rack (>= 1.1.3)
    rack-test (0.6.2)
      rack (>= 1.0)
    rails (4.1.4)
      actionmailer (= 4.1.4)
      actionpack (= 4.1.4)
      actionview (= 4.1.4)
      activemodel (= 4.1.4)
      activerecord (= 4.1.4)
      activesupport (= 4.1.4)
      bundler (>= 1.3.0, < 2.0)
      railties (= 4.1.4)
      sprockets-rails (~> 2.0)
    rails_config (0.4.2)
      activesupport (>= 3.0)
    railties (4.1.4)
      actionpack (= 4.1.4)
      activesupport (= 4.1.4)
      rake (>= 0.8.7)
      thor (>= 0.18.1, < 2.0)
    rake (10.3.2)
    rdoc (4.1.1)
      json (~> 1.4)
    rest-client (1.7.2)
      mime-types (>= 1.16, < 3.0)
      netrc (~> 0.7)
    rspec-core (3.0.4)
      rspec-support (~> 3.0.0)
    rspec-expectations (3.0.4)
      diff-lcs (>= 1.2.0, < 2.0)
      rspec-support (~> 3.0.0)
    rspec-mocks (3.0.4)
      rspec-support (~> 3.0.0)
    rspec-rails (3.0.2)
      actionpack (>= 3.0)
      activesupport (>= 3.0)
      railties (>= 3.0)
      rspec-core (~> 3.0.0)
      rspec-expectations (~> 3.0.0)
      rspec-mocks (~> 3.0.0)
      rspec-support (~> 3.0.0)
    rspec-support (3.0.4)
    rubyzip (1.1.6)
    sass (3.2.19)
    sass-rails (4.0.3)
      railties (>= 4.0.0, < 5.0)
      sass (~> 3.2.0)
      sprockets (~> 2.8, <= 2.11.0)
      sprockets-rails (~> 2.0)
    sdoc (0.4.1)
      json (~> 1.7, >= 1.7.7)
      rdoc (~> 4.0)
    selenium-webdriver (2.42.0)
      childprocess (>= 0.5.0)
      multi_json (~> 1.0)
      rubyzip (~> 1.0)
      websocket (~> 1.0.4)
    slop (3.6.0)
    spoon (0.0.4)
      ffi
    sprockets (2.11.0)
      hike (~> 1.2)
      multi_json (~> 1.0)
      rack (~> 1.0)
      tilt (~> 1.1, != 1.3.0)
    sprockets-rails (2.1.3)
      actionpack (>= 3.0)
      activesupport (>= 3.0)
      sprockets (~> 2.8)
    therubyrhino (2.0.4)
      therubyrhino_jar (>= 1.7.3)
    therubyrhino_jar (1.7.4)
    thor (0.19.1)
    thread_safe (0.3.4)
    thread_safe (0.3.4-java)
    tilt (1.4.1)
    treetop (1.4.15)
      polyglot
      polyglot (>= 0.3.1)
    tzinfo (1.2.2)
      thread_safe (~> 0.1)
    uglifier (2.5.3)
      execjs (>= 0.3.0)
      json (>= 1.8.0)
    uuidtools (2.1.5)
    websocket (1.0.7)
    xpath (2.0.0)
      nokogiri (~> 1.3)

PLATFORMS
  java
  ruby

DEPENDENCIES
  activerecord-jdbc-adapter
  activerecord-jdbcpostgresql-adapter
  bcrypt-ruby
  bootstrap-sass
  bunny (>= 1.3)
  capybara
  coffee-rails
  factory_girl
  factory_girl_rails
  faker
  font-awesome-sass
  foreigner
  haml-contrib
  haml-rails
  jquery-rails
  jquery-ui-rails
  jquery-ui-sass-rails
  kaminari
  kramdown
  newrelic_rpm
  pg
  pry
  psych
  puma
  rack-mini-profiler
  rails (= 4.1.4)
  rails_config
  rest-client
  rspec-rails
  sass-rails (>= 4.0.0)
  sdoc
  selenium-webdriver
  textacular!
  therubyrhino
  uglifier (>= 1.3.0)
  uuidtools
